GEM
  remote: https://rubygems.org/
  specs:
    activesupport (7.0.2.2)
      concurrent-ruby (~> 1.0, >= 1.0.2)
      i18n (>= 1.6, < 2)
      minitest (>= 5.1)
      tzinfo (~> 2.0)
    blather (2.0.0)
      activesupport (>= 2.3.11)
      eventmachine (~> 1.2, >= 1.2.6)
      niceogiri (~> 1.0)
      nokogiri (~> 1.8, >= 1.8.3)
      sucker_punch (~> 2.0)
    concurrent-ruby (1.1.9)
    eventmachine (1.2.7)
    i18n (1.10.0)
      concurrent-ruby (~> 1.0)
    minitest (5.15.0)
    niceogiri (1.1.2)
      nokogiri (~> 1.5)
    nokogiri (1.13.3-x86_64-linux)
      racc (~> 1.4)
    racc (1.6.0)
    sucker_punch (2.1.2)
      concurrent-ruby (~> 1.0)
    tzinfo (2.0.4)
      concurrent-ruby (~> 1.0)

PLATFORMS
  x86_64-linux

DEPENDENCIES
  blather

BUNDLED WITH
   2.3.7
